GIT
  remote: https://github.com/alphagov/hiera-eyaml-gpg.git
  revision: b10d8a890a4aff78b90e4662fe1e2d5b1690937b
  branch: avoid_gpghome_env_var
  specs:
    hiera-eyaml-gpg (0.4)
      gpgme (>= 2.0.0)
      hiera-eyaml (>= 1.3.8)

GEM
  remote: https://rubygems.org/
  specs:
    addressable (2.4.0)
    crack (0.4.3)
      safe_yaml (~> 1.0.0)
    diff-lcs (1.4.4)
    facter (2.4.6)
    faraday (0.13.1)
      multipart-post (>= 1.2, < 3)
    faraday_middleware (0.12.2)
      faraday (>= 0.7.4, < 1.0)
    fast_gettext (1.1.2)
    gettext (3.2.9)
      locale (>= 2.0.5)
      text (>= 1.3.0)
    gettext-setup (0.30)
      fast_gettext (~> 1.1.0)
      gettext (>= 3.0.2)
      locale
    gpgme (2.0.18)
      mini_portile2 (~> 2.3)
    hiera (1.3.4)
      json_pure
    hiera-eyaml (3.0.0)
      highline (~> 1.6.19)
      optimist
    highline (1.6.21)
    json_pure (2.2.0)
    librarian-puppet (2.2.3)
      librarianp (>= 0.6.3)
      puppet_forge (~> 2.1)
      rsync
    librarianp (0.6.4)
      thor (~> 0.15)
    locale (2.1.2)
    metaclass (0.0.4)
    mini_portile2 (2.4.0)
    minitar (0.8)
    mocha (1.4.0)
      metaclass (~> 0.0.1)
    multipart-post (2.0.0)
    optimist (3.0.0)
    parallel (1.13.0)
    parallel_tests (2.9.0)
      parallel
    puppet (3.8.5)
      facter (> 1.6, < 3)
      hiera (~> 1.0)
      json_pure
    puppet-lint (2.0.0)
    puppet-lint-trailing_comma-check (0.3.2)
      puppet-lint (>= 1.0, < 3.0)
    puppet-syntax (2.1.0)
      rake
    puppet_forge (2.2.9)
      faraday (>= 0.9.0, < 0.14.0)
      faraday_middleware (>= 0.9.0, < 0.13.0)
      gettext-setup (~> 0.11)
      minitar
      semantic_puppet (~> 1.0)
    puppetlabs_spec_helper (1.0.1)
      mocha
      puppet-lint
      puppet-syntax
      rake
      rspec-puppet
    rake (12.2.1)
    rspec (3.10.0)
      rspec-core (~> 3.10.0)
      rspec-expectations (~> 3.10.0)
      rspec-mocks (~> 3.10.0)
    rspec-core (3.10.0)
      rspec-support (~> 3.10.0)
    rspec-expectations (3.10.0)
      diff-lcs (>= 1.2.0, < 2.0)
      rspec-support (~> 3.10.0)
    rspec-mocks (3.10.0)
      diff-lcs (>= 1.2.0, < 2.0)
      rspec-support (~> 3.10.0)
    rspec-puppet (2.8.0)
      rspec
    rspec-support (3.10.0)
    rsync (1.0.9)
    safe_yaml (1.0.5)
    semantic_puppet (1.0.2)
    sshkey (1.9.0)
    text (1.3.1)
    thor (0.20.3)
    webmock (1.20.4)
      addressable (>= 2.3.6)
      crack (>= 0.3.2)

PLATFORMS
  ruby

DEPENDENCIES
  facter (= 2.4.6)
  hiera (= 1.3.4)
  hiera-eyaml-gpg!
  librarian-puppet
  mocha (< 1.5.0)
  parallel
  parallel_tests
  puppet (= 3.8.5)
  puppet-lint (= 2.0.0)
  puppet-lint-trailing_comma-check (= 0.3.2)
  puppet-syntax (= 2.1.0)
  puppetlabs_spec_helper (= 1.0.1)
  rake
  rspec-puppet
  sshkey (= 1.9.0)
  webmock (~> 1.20.0)

BUNDLED WITH
   1.17.3
