GIT
  remote: https://github.com/alphagov/hiera-eyaml-gpg.git
  revision: b10d8a890a4aff78b90e4662fe1e2d5b1690937b
  branch: avoid_gpghome_env_var
  specs:
    hiera-eyaml-gpg (0.4)
      gpgme (>= 2.0.0)
      hiera-eyaml (>= 1.3.8)

GEM
  remote: https://rubygems.org/
  specs:
    addressable (2.4.0)
    crack (0.4.3)
      safe_yaml (~> 1.0.0)
    diff-lcs (1.4.4)
    facter (2.4.6)
    faraday (2.7.5)
      faraday-net_http (>= 2.0, < 3.1)
      ruby2_keywords (>= 0.0.4)
    faraday-follow_redirects (0.3.0)
      faraday (>= 1, < 3)
    faraday-net_http (3.0.2)
    gpgme (2.0.18)
      mini_portile2 (~> 2.3)
    hiera (1.3.4)
      json_pure
    hiera-eyaml (3.0.0)
      highline (~> 1.6.19)
      optimist
    highline (1.6.21)
    json_pure (2.2.0)
    librarian-puppet (5.0.0)
      librarianp (>= 0.6.3)
      puppet_forge (>= 2.1, < 5)
      rsync
    librarianp (1.1.2)
      thor (~> 1.0)
    metaclass (0.0.4)
    mini_portile2 (2.4.0)
    minitar (0.9)
    mocha (1.4.0)
      metaclass (~> 0.0.1)
    optimist (3.0.0)
    parallel (1.13.0)
    parallel_tests (2.9.0)
      parallel
    puppet (3.8.5)
      facter (> 1.6, < 3)
      hiera (~> 1.0)
      json_pure
    puppet-lint (2.0.0)
    puppet-lint-trailing_comma-check (0.3.2)
      puppet-lint (>= 1.0, < 3.0)
    puppet-syntax (2.6.0)
      rake
    puppet_forge (4.1.0)
      faraday (~> 2.0)
      faraday-follow_redirects (~> 0.3.0)
      minitar
      semantic_puppet (~> 1.0)
    puppetlabs_spec_helper (1.0.1)
      mocha
      puppet-lint
      puppet-syntax
      rake
      rspec-puppet
    rake (12.2.1)
    rspec (3.9.0)
      rspec-core (~> 3.9.0)
      rspec-expectations (~> 3.9.0)
      rspec-mocks (~> 3.9.0)
    rspec-core (3.9.2)
      rspec-support (~> 3.9.3)
    rspec-expectations (3.9.2)
      diff-lcs (>= 1.2.0, < 2.0)
      rspec-support (~> 3.9.0)
    rspec-mocks (3.9.1)
      diff-lcs (>= 1.2.0, < 2.0)
      rspec-support (~> 3.9.0)
    rspec-puppet (2.7.10)
      rspec
    rspec-support (3.9.3)
    rsync (1.0.9)
    ruby2_keywords (0.0.5)
    safe_yaml (1.0.5)
    semantic_puppet (1.1.0)
    sshkey (1.9.0)
    thor (1.2.2)
    webmock (1.20.4)
      addressable (>= 2.3.6)
      crack (>= 0.3.2)

PLATFORMS
  ruby

DEPENDENCIES
  facter (= 2.4.6)
  hiera (= 1.3.4)
  hiera-eyaml-gpg!
  librarian-puppet
  mocha (< 1.5.0)
  parallel
  parallel_tests
  puppet (= 3.8.5)
  puppet-lint (= 2.0.0)
  puppet-lint-trailing_comma-check (= 0.3.2)
  puppet-syntax (= 2.6.0)
  puppetlabs_spec_helper (= 1.0.1)
  rake
  rspec-puppet
  sshkey (= 1.9.0)
  webmock (~> 1.20.0)

BUNDLED WITH
   1.17.3
